GEM
  remote: https://rubygems.org/
  specs:
    mini_portile2 (2.8.0)
    nokogiri (1.13.6)
      mini_portile2 (~> 2.8.0)
      racc (~> 1.4)
    nokogiri (1.13.6-x86_64-darwin)
      racc (~> 1.4)
    racc (1.6.0)
    rake (13.0.6)

PLATFORMS
  ruby
  x86_64-darwin-19

DEPENDENCIES
  nokogiri
  rake

BUNDLED WITH
   2.2.16
